GEM
  remote: http://rubygems.org/
  specs:
    abstract (1.0.0)
    actionmailer (3.0.0)
      actionpack (= 3.0.0)
      mail (~> 2.2.5)
    actionpack (3.0.0)
      activemodel (= 3.0.0)
      activesupport (= 3.0.0)
      builder (~> 2.1.2)
      erubis (~> 2.6.6)
      i18n (~> 0.4.1)
      rack (~> 1.2.1)
      rack-mount (~> 0.6.12)
      rack-test (~> 0.5.4)
      tzinfo (~> 0.3.23)
    activemodel (3.0.0)
      activesupport (= 3.0.0)
      builder (~> 2.1.2)
      i18n (~> 0.4.1)
    activerecord (3.0.0)
      activemodel (= 3.0.0)
      activesupport (= 3.0.0)
      arel (~> 1.0.0)
      tzinfo (~> 0.3.23)
    activeresource (3.0.0)
      activemodel (= 3.0.0)
      activesupport (= 3.0.0)
    activesupport (3.0.0)
    addressable (2.2.2)
    arel (1.0.1)
      activesupport (~> 3.0.0)
    builder (2.1.2)
    capybara (0.4.0)
      celerity (>= 0.7.9)
      culerity (>= 0.2.4)
      mime-types (>= 1.16)
      nokogiri (>= 1.3.3)
      rack (>= 1.0.0)
      rack-test (>= 0.5.4)
      selenium-webdriver (>= 0.0.27)
      xpath (~> 0.1.2)
    celerity (0.8.2)
    childprocess (0.1.3)
      ffi (~> 0.6.3)
    clearance (0.9.0.rc9)
      rails (~> 3.0.0)
    configuration (1.1.0)
    crack (0.1.8)
    cucumber (0.9.4)
      builder (~> 2.1.2)
      diff-lcs (~> 1.1.2)
      gherkin (~> 2.2.9)
      json (~> 1.4.6)
      term-ansicolor (~> 1.0.5)
    cucumber-rails (0.3.2)
      cucumber (>= 0.8.0)
    culerity (0.2.12)
    daemons (1.1.0)
    database_cleaner (0.6.0)
    delayed_job (2.1.0.pre2)
      activesupport (~> 3.0)
      daemons
    diff-lcs (1.1.2)
    erubis (2.6.6)
      abstract (>= 1.0.0)
    excon (0.2.4)
    factory_girl (1.3.2)
    factory_girl_rails (1.0)
      factory_girl (~> 1.3)
      rails (>= 3.0.0.beta4)
    ffi (0.6.3)
      rake (>= 0.8.7)
    fog (0.3.0)
      builder
      excon (>= 0.2.1)
      formatador (>= 0.0.15)
      json
      mime-types
      net-ssh (~> 2.0.23)
      nokogiri (~> 1.4.3.1)
      ruby-hmac
    formatador (0.0.15)
    gchartrb (0.8)
    gherkin (2.2.9)
      json (~> 1.4.6)
      term-ansicolor (~> 1.0.5)
    gravtastic (3.1.0)
    high_voltage (0.9.1)
    hoptoad_notifier (2.3.12)
      activesupport
      builder
    i18n (0.4.2)
    json (1.4.6)
    json_pure (1.4.6)
    launchy (0.3.7)
      configuration (>= 0.0.5)
      rake (>= 0.8.1)
    mail (2.2.9)
      activesupport (>= 2.3.6)
      i18n (~> 0.4.1)
      mime-types (~> 1.16)
      treetop (~> 1.4.8)
    mime-types (1.16)
    net-ssh (2.0.23)
    newrelic_rpm (2.13.3)
    nokogiri (1.4.3.1)
    paul_revere (0.1.5)
      rails (~> 3.0.0)
    pg (0.9.0)
    polyglot (0.3.1)
    rack (1.2.1)
    rack-maintenance (0.3.0)
      rack (>= 1.0)
    rack-mount (0.6.13)
      rack (>= 1.0.0)
    rack-test (0.5.6)
      rack (>= 1.0)
    rails (3.0.0)
      actionmailer (= 3.0.0)
      actionpack (= 3.0.0)
      activerecord (= 3.0.0)
      activeresource (= 3.0.0)
      activesupport (= 3.0.0)
      bundler (~> 1.0.0)
      railties (= 3.0.0)
    railties (3.0.0)
      actionpack (= 3.0.0)
      activesupport (= 3.0.0)
      rake (>= 0.8.4)
      thor (~> 0.14.0)
    rake (0.8.7)
    redis (2.1.1)
    rest-client (1.6.1)
      mime-types (>= 1.16)
    rr (1.0.2)
    ruby-hmac (0.4.0)
    rubyzip (0.9.4)
    selenium-webdriver (0.0.29)
      childprocess (>= 0.0.7)
      ffi (~> 0.6.3)
      json_pure
      rubyzip
    shoulda (2.11.3)
    sinatra (1.1.0)
      rack (~> 1.1)
      tilt (~> 1.1)
    term-ansicolor (1.0.5)
    test-unit (2.1.1)
    thor (0.14.4)
    tilt (1.1)
    timecop (0.3.5)
    treetop (1.4.8)
      polyglot (>= 0.3.1)
    tzinfo (0.3.23)
    validates_url_format_of (0.1.0)
      activerecord (>= 2.3.4)
    webmock (1.6.0)
      addressable (>= 2.2.2)
      crack (>= 0.1.7)
    webrat (0.7.2)
      nokogiri (>= 1.2.0)
      rack (>= 1.0)
      rack-test (>= 0.5.3)
    will_paginate (3.0.pre2)
    xml-simple (1.0.12)
    xpath (0.1.2)
      nokogiri (~> 1.3)

PLATFORMS
  ruby

DEPENDENCIES
  capybara (= 0.4.0)
  clearance (= 0.9.0.rc9)
  cucumber-rails (= 0.3.2)
  daemons (= 1.1.0)
  database_cleaner (= 0.6.0)
  delayed_job (= 2.1.0.pre2)
  factory_girl_rails (= 1.0)
  fog (= 0.3.0)
  gchartrb (= 0.8)
  gravtastic (= 3.1.0)
  high_voltage (= 0.9.1)
  hoptoad_notifier (= 2.3.12)
  json (= 1.4.6)
  launchy (= 0.3.7)
  newrelic_rpm (= 2.13.3)
  nokogiri (= 1.4.3.1)
  paul_revere (= 0.1.5)
  pg (= 0.9.0)
  rack (= 1.2.1)
  rack-maintenance (= 0.3.0)
  rack-test (= 0.5.6)
  rails (= 3.0.0)
  redis (= 2.1.1)
  rest-client (= 1.6.1)
  rr (= 1.0.2)
  shoulda (= 2.11.3)
  sinatra (= 1.1.0)
  test-unit (= 2.1.1)
  timecop (= 0.3.5)
  treetop (= 1.4.8)
  validates_url_format_of (= 0.1.0)
  webmock (= 1.6.0)
  webrat (= 0.7.2)
  will_paginate (= 3.0.pre2)
  xml-simple (= 1.0.12)
